GEM
  remote: https://rubygems.org/
  specs:
    addressable (2.5.2)
      public_suffix (>= 2.0.2, < 4.0)
    ast (2.3.0)
    capybara (2.15.1)
      addressable
      mini_mime (>= 0.1.3)
      nokogiri (>= 1.3.3)
      rack (>= 1.0.0)
      rack-test (>= 0.5.4)
      xpath (~> 2.0)
    claide (1.0.2)
    claide-plugins (0.9.2)
      cork
      nap
      open4 (~> 1.3)
    coderay (1.1.2)
    colored2 (3.1.2)
    concurrent-ruby (1.0.5)
    cork (0.3.0)
      colored2 (~> 3.1)
    danger (5.5.5)
      claide (~> 1.0)
      claide-plugins (>= 0.9.2)
      colored2 (~> 3.1)
      cork (~> 0.1)
      faraday (~> 0.9)
      faraday-http-cache (~> 1.0)
      git (~> 1)
      kramdown (~> 1.5)
      no_proxy_fix
      octokit (~> 4.7)
      terminal-table (~> 1)
    danger-gitlab (6.0.0)
      danger (~> 5.0)
      gitlab (~> 4.2, >= 4.2.0)
    danger-lgtm (1.0.0)
      danger-plugin-api (~> 1.0)
    danger-plugin-api (1.0.0)
      danger (> 2.0)
    danger-rubocop (0.6.0)
      danger
      rubocop
    dotenv (2.2.1)
    dry-auto_inject (0.4.4)
      dry-container (>= 0.3.4)
    dry-configurable (0.7.0)
      concurrent-ruby (~> 1.0)
    dry-container (0.6.0)
      concurrent-ruby (~> 1.0)
      dry-configurable (~> 0.1, >= 0.1.3)
    dry-core (0.3.3)
      concurrent-ruby (~> 1.0)
    dry-equalizer (0.2.0)
    dry-initializer (1.4.1)
    dry-logic (0.4.2)
      dry-container (~> 0.2, >= 0.2.6)
      dry-core (~> 0.2)
      dry-equalizer (~> 0.2)
    dry-struct (0.3.1)
      dry-configurable (~> 0.1)
      dry-core (~> 0.3)
      dry-equalizer (~> 0.2)
      dry-types (~> 0.9, >= 0.9.0)
      ice_nine (~> 0.11)
    dry-types (0.12.0)
      concurrent-ruby (~> 1.0)
      dry-configurable (~> 0.1)
      dry-container (~> 0.3)
      dry-core (~> 0.2, >= 0.2.1)
      dry-equalizer (~> 0.2)
      dry-logic (~> 0.4, >= 0.4.2)
      inflecto (~> 0.0.0, >= 0.0.2)
    dry-validation (0.11.1)
      concurrent-ruby (~> 1.0)
      dry-configurable (~> 0.1, >= 0.1.3)
      dry-core (~> 0.2, >= 0.2.1)
      dry-equalizer (~> 0.2)
      dry-logic (~> 0.4, >= 0.4.0)
      dry-types (~> 0.12.0)
    fabrication (2.16.3)
    faraday (0.13.1)
      multipart-post (>= 1.2, < 3)
    faraday-http-cache (1.3.1)
      faraday (~> 0.8)
    git (1.3.0)
    gitlab (4.2.0)
      httparty
      terminal-table
    hanami (1.0.0)
      bundler (~> 1.13)
      concurrent-ruby (~> 1.0)
      hanami-assets (~> 1.0)
      hanami-controller (~> 1.0)
      hanami-helpers (~> 1.0)
      hanami-mailer (~> 1.0)
      hanami-router (~> 1.0)
      hanami-utils (~> 1.0)
      hanami-validations (~> 1.0)
      hanami-view (~> 1.0)
      thor (~> 0.19)
    hanami-assets (1.0.0)
      hanami-helpers (~> 1.0)
      hanami-utils (~> 1.0)
      tilt (~> 2.0, >= 2.0.2)
    hanami-controller (1.0.1)
      hanami-utils (~> 1.0)
      rack (~> 2.0)
    hanami-fabrication (0.1.0)
      fabrication (~> 2.16)
      hanami-utils (< 2.0)
    hanami-helpers (1.0.0)
      hanami-utils (~> 1.0)
    hanami-mailer (1.0.0)
      hanami-utils (~> 1.0)
      mail (~> 2.5)
      tilt (~> 2.0, >= 2.0.1)
    hanami-model (1.0.2)
      concurrent-ruby (~> 1.0)
      dry-types (~> 0.11)
      hanami-utils (~> 1.0)
      rom-repository (~> 1.4)
      rom-sql (~> 1.3)
    hanami-router (1.0.1)
      hanami-utils (~> 1.0)
      http_router (= 0.11.2)
      rack (~> 2.0)
    hanami-utils (1.0.3)
      transproc (~> 1.0)
    hanami-validations (1.0.0)
      dry-validation (~> 0.10)
      hanami-utils (~> 1.0)
    hanami-view (1.0.1)
      hanami-utils (~> 1.0)
      tilt (~> 2.0, >= 2.0.1)
    http_router (0.11.2)
      rack (>= 1.0.0)
      url_mount (~> 0.2.1)
    httparty (0.15.6)
      multi_xml (>= 0.5.2)
    ice_nine (0.11.2)
    inflecto (0.0.2)
    kramdown (1.16.2)
    m (1.5.1)
      method_source (>= 0.6.7)
      rake (>= 0.9.2.2)
    mail (2.6.6)
      mime-types (>= 1.16, < 4)
    method_source (0.8.2)
    mime-types (3.1)
      mime-types-data (~> 3.2015)
    mime-types-data (3.2016.0521)
    mini_mime (0.1.4)
    mini_portile2 (2.2.0)
    minitest (5.10.3)
    multi_xml (0.6.0)
    multipart-post (2.0.0)
    nap (1.1.0)
    no_proxy_fix (0.1.2)
    nokogiri (1.8.0)
      mini_portile2 (~> 2.2.0)
    octokit (4.7.0)
      sawyer (~> 0.8.0, >= 0.5.3)
    open4 (1.3.4)
    parallel (1.12.0)
    parser (2.4.0.2)
      ast (~> 2.3)
    pg (0.21.0)
    powerpack (0.1.1)
    pry (0.11.0)
      coderay (~> 1.1.0)
      method_source (~> 0.8.1)
    public_suffix (3.0.0)
    puma (3.10.0)
    rack (2.0.3)
    rack-test (0.7.0)
      rack (>= 1.0, < 3)
    rainbow (2.2.2)
      rake
    rake (12.1.0)
    rom (3.3.1)
      concurrent-ruby (~> 1.0)
      dry-core (~> 0.3)
      dry-equalizer (~> 0.2)
      dry-initializer (~> 1.3)
      dry-types (~> 0.9, >= 0.9.4)
      rom-mapper (~> 0.5, >= 0.5.1)
    rom-mapper (0.5.1)
      dry-core (~> 0.2, >= 0.2.3)
      dry-equalizer (~> 0.2)
      transproc (~> 1.0)
    rom-repository (1.4.0)
      dry-core (~> 0.3, >= 0.3.1)
      dry-struct (~> 0.3)
      rom (~> 3.3)
      rom-mapper (~> 0.5)
    rom-sql (1.3.3)
      dry-core (~> 0.3)
      dry-equalizer (~> 0.2)
      dry-types (~> 0.10, >= 0.10.2)
      rom (~> 3.2, >= 3.2.2)
      sequel (~> 4.43)
    rubocop (0.51.0)
      parallel (~> 1.10)
      parser (>= 2.3.3.1, < 3.0)
      powerpack (~> 0.1)
      rainbow (>= 2.2.2, < 3.0)
      ruby-progressbar (~> 1.7)
      unicode-display_width (~> 1.0, >= 1.0.1)
    ruby-progressbar (1.9.0)
    sawyer (0.8.1)
      addressable (>= 2.3.5, < 2.6)
      faraday (~> 0.8, < 1.0)
    sequel (4.49.0)
    shotgun (0.9.2)
      rack (>= 1.0)
    terminal-table (1.8.0)
      unicode-display_width (~> 1.1, >= 1.1.1)
    thor (0.20.0)
    tilt (2.0.8)
    transproc (1.0.2)
    unicode-display_width (1.3.0)
    url_mount (0.2.1)
      rack
    xpath (2.1.0)
      nokogiri (~> 1.3)

PLATFORMS
  ruby

DEPENDENCIES
  capybara
  danger-gitlab
  danger-lgtm
  danger-rubocop
  dotenv (~> 2.0)
  dry-auto_inject
  dry-struct
  dry-types
  hanami (~> 1.0)
  hanami-fabrication
  hanami-model (~> 1.0)
  m
  minitest
  pg
  pry
  puma
  rake
  rubocop
  shotgun

RUBY VERSION
   ruby 2.4.1p111

BUNDLED WITH
   1.15.3
